GEM
  remote: https://rubygems.org/
  specs:
    file-tail (1.0.12)
      tins (~> 0.5)
    minitest (5.0.8)
    minitest-ruby_golf_metrics (0.0.11)
      minitest (>= 5.0.0)
      sourcify (>= 0.6.0.rc4)
    ruby2ruby (1.3.1)
      ruby_parser (~> 2.0)
      sexp_processor (~> 3.0)
    ruby_parser (2.3.1)
      sexp_processor (~> 3.0)
    sexp_processor (3.2.0)
    sourcify (0.6.0.rc4)
      file-tail (~> 1.0.10)
      ruby2ruby (~> 1.3.1)
      ruby_parser (~> 2.3.1)
      sexp_processor (~> 3.2.0)
    tins (0.13.1)

PLATFORMS
  ruby

DEPENDENCIES
  minitest-ruby_golf_metrics
